GEM
  remote: https://rubygems.org/
  specs:
    classifier (1.3.3)
      fast-stemmer (>= 1.0.0)
    directory_watcher (1.4.1)
    fast-stemmer (1.0.1)
    ffi (1.3.1)
    jekyll (0.12.0)
      classifier (~> 1.3)
      directory_watcher (~> 1.1)
      kramdown (~> 0.13.4)
      liquid (~> 2.3)
      maruku (~> 0.5)
      pygments.rb (~> 0.3.2)
    json (1.7.6)
    kramdown (0.13.8)
    liquid (2.4.1)
    maruku (0.6.1)
      syntax (>= 1.0.0)
    mime-types (1.19)
    posix-spawn (0.3.6)
    posterous (0.2.9)
      json
      typhoeus
    pygments.rb (0.3.7)
      posix-spawn (~> 0.3.6)
      yajl-ruby (~> 1.1.0)
    syntax (1.0.0)
    typhoeus (0.4.2)
      ffi (~> 1.0)
      mime-types (~> 1.18)
    yajl-ruby (1.1.0)

PLATFORMS
  ruby

DEPENDENCIES
  jekyll (= 0.12.0)
  posterous
  typhoeus (= 0.4.2)
